PATH
  remote: .
  specs:
    gepetto_hooks (1.0.0)

GEM
  remote: https://rubygems.org/
  specs:
    actionmailer (4.0.13)
      actionpack (= 4.0.13)
      mail (~> 2.5, >= 2.5.4)
    actionpack (4.0.13)
      activesupport (= 4.0.13)
      builder (~> 3.1.0)
      erubis (~> 2.7.0)
      rack (~> 1.5.2)
      rack-test (~> 0.6.2)
    activemodel (4.0.13)
      activesupport (= 4.0.13)
      builder (~> 3.1.0)
    activerecord (4.0.13)
      activemodel (= 4.0.13)
      activerecord-deprecated_finders (~> 1.0.2)
      activesupport (= 4.0.13)
      arel (~> 4.0.0)
    activerecord-deprecated_finders (1.0.4)
    activesupport (4.0.13)
      i18n (~> 0.6, >= 0.6.9)
      minitest (~> 4.2)
      multi_json (~> 1.3)
      thread_safe (~> 0.1)
      tzinfo (~> 0.3.37)
    addressable (2.3.5)
    alias (0.2.3)
    arel (4.0.2)
    awesome_print (1.1.0)
    boson (1.2.4)
    boson-more (0.2.2)
      boson (>= 1.2.0)
    builder (3.1.4)
    business_time (0.6.2)
      activesupport (>= 3.1.0)
      tzinfo (~> 0.3.31)
    clipboard (1.0.5)
    coderay (1.0.9)
    columnize (0.3.6)
    concurrent-ruby (1.1.5)
    daemons (1.1.9)
    debugger (1.6.2)
      columnize (>= 0.3.1)
      debugger-linecache (~> 1.2.0)
      debugger-ruby_core_source (~> 1.2.3)
    debugger-linecache (1.2.0)
    debugger-ruby_core_source (1.2.3)
    delayed_job (4.0.0)
      activesupport (>= 3.0, < 4.1)
    delayed_job_active_record (4.0.0)
      activerecord (>= 3.0, < 4.1)
      delayed_job (>= 3.0, < 4.1)
    diff-lcs (1.2.4)
    erubis (2.7.0)
    eventmachine (1.0.3)
    every_day_irb (1.5.1)
    excon (0.25.3)
    fancy_irb (0.7.3)
      paint (>= 0.8.1)
      unicode-display_width (>= 0.1.1)
    faraday (0.8.8)
      multipart-post (~> 1.2.0)
    fattr (2.2.1)
    ffi (1.9.0)
    g (1.7.2)
    heroku-api (0.3.15)
      excon (~> 0.25.1)
    hirb (0.7.1)
    hub (1.10.6)
    i18n (0.9.5)
      concurrent-ruby (~> 1.0)
    interactive_editor (0.0.10)
      spoon (>= 0.0.1)
    irbtools (1.5.0)
      alias (~> 0.2.3)
      awesome_print (~> 1.1.0)
      boson (~> 1.2.4)
      boson-more (~> 0.2.2)
      clipboard (~> 1.0.5)
      coderay (~> 1.0.9)
      every_day_irb (>= 1.5.0)
      fancy_irb (>= 0.7.3)
      g (>= 1.7.2)
      hirb (~> 0.7.1)
      interactive_editor (>= 0.0.10)
      method_locator (>= 0.0.4)
      method_source (>= 0.8.1)
      methodfinder (>= 1.2.5)
      ori (~> 0.1.0)
      paint (>= 0.8.6)
      wirb (>= 1.0.1)
      zucker (>= 13.1)
    jira-ruby (0.1.2)
      activesupport
      oauth
      railties
    json (1.8.0)
    liquid (2.5.3)
    mail (2.7.1)
      mini_mime (>= 0.1.1)
    method_locator (0.0.4)
    method_source (0.8.2)
    methodfinder (1.2.5)
    mime-types (3.2.2)
      mime-types-data (~> 3.2015)
    mime-types-data (3.2019.0331)
    mini_mime (1.0.2)
    minitest (4.7.5)
    multi_json (1.13.1)
    multipart-post (1.2.0)
    oauth (0.4.7)
    octokit (2.4.0)
      sawyer (~> 0.5.1)
    ori (0.1.0)
    paint (0.8.6)
    pg (0.17.0)
    pry (0.9.12.2)
      coderay (~> 1.0.5)
      method_source (~> 0.8)
      slop (~> 3.4)
    pry-debugger (0.2.2)
      debugger (~> 1.3)
      pry (~> 0.9.10)
    rack (1.5.5)
    rack-protection (1.5.0)
      rack
    rack-test (0.6.2)
      rack (>= 1.0)
    rails (4.0.13)
      actionmailer (= 4.0.13)
      actionpack (= 4.0.13)
      activerecord (= 4.0.13)
      activesupport (= 4.0.13)
      bundler (>= 1.3.0, < 2.0)
      railties (= 4.0.13)
      sprockets-rails (~> 2.0)
    railties (4.0.13)
      actionpack (= 4.0.13)
      activesupport (= 4.0.13)
      rake (>= 0.8.7)
      thor (>= 0.18.1, < 2.0)
    rake (10.1.0)
    redcarpet (3.0.0)
    rest-client (1.6.7)
      mime-types (>= 1.16)
    rspec (2.14.1)
      rspec-core (~> 2.14.0)
      rspec-expectations (~> 2.14.0)
      rspec-mocks (~> 2.14.0)
    rspec-core (2.14.5)
    rspec-expectations (2.14.3)
      diff-lcs (>= 1.1.3, < 2.0)
    rspec-mocks (2.14.3)
    ruby-trello (1.0.4)
      activemodel
      addressable (~> 2.3)
      json
      oauth (~> 0.4.5)
      rest-client (~> 1.6.7)
    rush (0.6.8)
      session
    sawyer (0.5.1)
      addressable (~> 2.3.5)
      faraday (~> 0.8, < 0.10)
    session (3.1.0)
      fattr
    sinatra (1.4.3)
      rack (~> 1.4)
      rack-protection (~> 1.4)
      tilt (~> 1.3, >= 1.3.4)
    sinatra-activerecord (1.2.3)
      activerecord (>= 3.0)
      sinatra (~> 1.0)
    slop (3.4.6)
    spoon (0.0.4)
      ffi
    sprockets (3.7.2)
      concurrent-ruby (~> 1.0)
      rack (> 1, < 3)
    sprockets-rails (2.3.3)
      actionpack (>= 3.0)
      activesupport (>= 3.0)
      sprockets (>= 2.8, < 4.0)
    sqlite3 (1.3.8)
    terminal-notifier (1.5.1)
    thin (1.5.1)
      daemons (>= 1.0.9)
      eventmachine (>= 0.12.6)
      rack (>= 1.0.0)
    thor (0.18.1)
    thread_safe (0.3.6)
    tilt (1.4.1)
    tzinfo (0.3.55)
    unicode-display_width (0.1.1)
    watchr (0.7)
    wirb (1.0.2)
      paint
    workless (1.1.3)
      delayed_job (>= 2.0.7)
      heroku-api
      rails
      rush
    yard (0.8.7.2)
    zucker (13.1)

PLATFORMS
  ruby

DEPENDENCIES
  business_time
  delayed_job
  delayed_job_active_record
  gepetto_hooks!
  hub
  irbtools
  jira-ruby
  json
  liquid
  octokit
  pg
  pry
  pry-debugger
  rack-test
  rails (~> 4.0)
  rake
  redcarpet
  rspec
  ruby-trello
  sinatra
  sinatra-activerecord
  sqlite3
  terminal-notifier
  thin
  thor
  watchr
  wirb
  workless (= 1.1.3)
  yard
